GEM
  remote: https://rubygems.org/
  specs:
    httparty (0.20.0)
      mime-types (~> 3.0)
      multi_xml (>= 0.5.2)
    io-console (0.5.11)
    irb (1.4.1)
      reline (>= 0.3.0)
    mime-types (3.4.1)
      mime-types-data (~> 3.2015)
    mime-types-data (3.2022.0105)
    multi_xml (0.6.0)
    nokogiri (1.13.6-x86_64-linux)
      racc (~> 1.4)
    racc (1.6.0)
    reline (0.3.1)
      io-console (~> 0.5)

PLATFORMS
  x86_64-linux

DEPENDENCIES
  httparty
  irb
  nokogiri

BUNDLED WITH
   2.3.16
